GEM
  remote: https://rubygems.org/
  specs:
    activesupport (4.2.4)
      i18n (~> 0.7)
      json (~> 1.7, >= 1.7.7)
      minitest (~> 5.1)
      thread_safe (~> 0.3, >= 0.3.4)
      tzinfo (~> 1.1)
    backports (3.6.6)
    byebug (5.0.0)
      columnize (= 0.9.0)
    capybara (2.5.0)
      mime-types (>= 1.16)
      nokogiri (>= 1.3.3)
      rack (>= 1.0.0)
      rack-test (>= 0.5.4)
      xpath (~> 2.0)
    coderay (1.1.0)
    columnize (0.9.0)
    diff-lcs (1.2.5)
    factory_girl (4.5.0)
      activesupport (>= 3.0.0)
    i18n (0.7.0)
    json (1.8.3)
    method_source (0.8.2)
    mime-types (2.6.2)
    mini_portile (0.6.2)
    minitest (5.8.2)
    multi_json (1.11.2)
    nokogiri (1.6.6.2)
      mini_portile (~> 0.6.0)
    pry (0.10.3)
      coderay (~> 1.1.0)
      method_source (~> 0.8.1)
      slop (~> 3.4)
    pry-byebug (3.2.0)
      byebug (~> 5.0)
      pry (~> 0.10)
    rack (1.6.4)
    rack-protection (1.5.3)
      rack
    rack-test (0.6.3)
      rack (>= 1.0)
    rspec (3.3.0)
      rspec-core (~> 3.3.0)
      rspec-expectations (~> 3.3.0)
      rspec-mocks (~> 3.3.0)
    rspec-core (3.3.2)
      rspec-support (~> 3.3.0)
    rspec-expectations (3.3.1)
      diff-lcs (>= 1.2.0, < 2.0)
      rspec-support (~> 3.3.0)
    rspec-mocks (3.3.2)
      diff-lcs (>= 1.2.0, < 2.0)
      rspec-support (~> 3.3.0)
    rspec-support (3.3.0)
    sinatra (1.4.6)
      rack (~> 1.4)
      rack-protection (~> 1.4)
      tilt (>= 1.3, < 3)
    sinatra-contrib (1.4.6)
      backports (>= 2.0)
      multi_json
      rack-protection
      rack-test
      sinatra (~> 1.4.0)
      tilt (>= 1.3, < 3)
    slim (3.0.6)
      temple (~> 0.7.3)
      tilt (>= 1.3.3, < 2.1)
    slop (3.6.0)
    temple (0.7.6)
    thread_safe (0.3.5)
    tilt (2.0.1)
    tzinfo (1.2.2)
      thread_safe (~> 0.1)
    xpath (2.0.0)
      nokogiri (~> 1.3)

PLATFORMS
  ruby

DEPENDENCIES
  capybara
  factory_girl
  pry
  pry-byebug
  rspec
  sinatra
  sinatra-contrib
  slim

BUNDLED WITH
   1.10.6
